GEM
  remote: http://rubygems.org/
  specs:
    diff-lcs (1.1.3)
    json (1.7.5-java)
    kramdown (0.13.8)
    multi_json (1.3.6)
    rake (0.9.2.2)
    rawmedia (0.0.6)
    rspec (2.10.0)
      rspec-core (~> 2.10.0)
      rspec-expectations (~> 2.10.0)
      rspec-mocks (~> 2.10.0)
    rspec-core (2.10.1)
    rspec-expectations (2.10.0)
      diff-lcs (~> 1.1.3)
    rspec-mocks (2.10.1)
    simplecov (0.6.4)
      multi_json (~> 1.0)
      simplecov-html (~> 0.5.3)
    simplecov-html (0.5.3)
    yard (0.8.2.1)

PLATFORMS
  java

DEPENDENCIES
  json (~> 1.7.3)
  kramdown (~> 0.13.7)
  rake (~> 0.9.0)
  rawmedia (~> 0.0.6)
  rspec (~> 2.10.0)
  simplecov (~> 0.6.4)
  yard (~> 0.8.2.1)
